GIT
  remote: git://github.com/assembled/spree_essential_cms.git
  revision: b5973c548f139a82476aff410513b5f3ffd62edc
  specs:
    spree_essential_cms (0.4.0)
      spree_essentials

GIT
  remote: git://github.com/assembled/spree_essential_menus.git
  revision: 0d8fd376a47ef0f98bcd780c4e6b3f14b5e9118e
  specs:
    spree_essential_menus (0.2.5)
      acts_as_tree (~> 1.1.0)
      coffee-rails
      haml
      spree_essentials

GIT
  remote: git://github.com/bbtfr/spree_editor.git
  revision: 1ef11e3b6c99ce3d6bd8d860fdb2ffcc1cd046c4
  branch: 1.3.x
  specs:
    spree_editor (1.0.1)
      spree_core (>= 1.0.0)

GIT
  remote: git://github.com/mzahir/spree-mail-chimp.git
  revision: e55d79f0837fdec434dadf8b4243b7a8e42849c0
  specs:
    spree_mail_chimp (3.0.3)
      hominid (~> 3.0.0)
      spree_core (~> 1.0)

GIT
  remote: git://github.com/rdegan/spree_dynamic_sitemaps.git
  revision: 5ca64e0507050d32b76f12803604a06ad3c12a02
  specs:
    spree_dynamic_sitemaps (0.50.1)

GIT
  remote: git://github.com/spree/spree_auth_devise.git
  revision: a32c652ab8eaeeb324be9614fd38ae6d1c4f2c0c
  branch: 1-3-stable
  specs:
    spree_auth_devise (1.0.0)
      cancan (~> 1.6.7)
      devise (~> 2.0.4)
      spree_core

GIT
  remote: git://github.com/spree/spree_clean.git
  revision: f49fb50e88b731a1cb1f7017c52ace594deb2240
  specs:
    spree_clean (1.0.5)
      spree_core (~> 1.3.0)

GIT
  remote: git://github.com/spree/spree_paypal_express.git
  revision: e493ae1724a96962e2af2422b7a6d077d02ac5c8
  branch: 1-3-stable
  specs:
    spree_paypal_express (1.2.0)
      spree_core (~> 1.3.0)

GIT
  remote: git://github.com/spree/spree_recently_viewed.git
  revision: 94da8eae4286fd5eac4319e21dffb0980a2e6d0a
  specs:
    spree_recently_viewed (1.1)
      spree_core (>= 1.0.0)

GIT
  remote: git://github.com/spree/spree_related_products.git
  revision: 5def88e237577d452fac3d763af7a415e34b3d0c
  ref: 5def88e237577d452fac3d763af7a415e34b3d0c
  specs:
    spree_related_products (3.2)
      spree_core (~> 1.3.0)
      spree_promo (~> 1.3.0)

GIT
  remote: git://github.com/spree/spree_social_products.git
  revision: 637bb6905bcebe5ce3799f5f9f8fe4af888de40c
  specs:
    spree_social_products (1.2)
      spree_core (~> 1.2)

GIT
  remote: git://github.com/whitmanc/spree_fancy.git
  revision: d01ff3bf0cd6985000871cb99325b9b6db1b6d91
  specs:
    spree_fancy (1.3.1)
      compass-rails
      spree_core (~> 1.3.1)

PATH
  remote: spree-faq/
  specs:
    spree_faq (3.0.2)
      spree_core (>= 0.30.1)

PATH
  remote: spree-snippets/
  specs:
    spree_snippets (0.6.0)
      formtastic (>= 2.0.2)
      spree_core (~> 1.3.1)
      spree_editor (>= 0.50.0)

PATH
  remote: spree_essentials/
  specs:
    spree_essentials (0.5.0)
      rdiscount (~> 1.6.8)
      spree_core (~> 1.3.1)

GEM
  remote: https://rubygems.org/
  specs:
    actionmailer (3.2.11)
      actionpack (= 3.2.11)
      mail (~> 2.4.4)
    actionpack (3.2.11)
      activemodel (= 3.2.11)
      activesupport (= 3.2.11)
      builder (~> 3.0.0)
      erubis (~> 2.7.0)
      journey (~> 1.0.4)
      rack (~> 1.4.0)
      rack-cache (~> 1.2)
      rack-test (~> 0.6.1)
      sprockets (~> 2.2.1)
    active_utils (1.0.5)
      activesupport (>= 2.3.11)
      i18n
    activemerchant (1.29.3)
      active_utils (>= 1.0.2)
      activesupport (>= 2.3.14)
      builder (>= 2.0.0)
      i18n
      json (>= 1.5.1)
      money
      nokogiri
    activemodel (3.2.11)
      activesupport (= 3.2.11)
      builder (~> 3.0.0)
    activerecord (3.2.11)
      activemodel (= 3.2.11)
      activesupport (= 3.2.11)
      arel (~> 3.0.2)
      tzinfo (~> 0.3.29)
    activeresource (3.2.11)
      activemodel (= 3.2.11)
      activesupport (= 3.2.11)
    activesupport (3.2.11)
      i18n (~> 0.6)
      multi_json (~> 1.0)
    acts_as_list (0.1.4)
    acts_as_tree (1.1.0)
      activerecord (>= 3.0.0)
    arel (3.0.2)
    awesome_nested_set (2.1.5)
      activerecord (>= 3.0.0)
    aws-sdk (1.3.9)
      httparty (~> 0.7)
      json (~> 1.4)
      nokogiri (>= 1.4.4)
      uuidtools (~> 2.1)
    bcrypt-ruby (3.0.1)
    builder (3.0.4)
    cancan (1.6.8)
    capistrano (2.14.1)
      highline
      net-scp (>= 1.0.0)
      net-sftp (>= 2.0.0)
      net-ssh (>= 2.0.14)
      net-ssh-gateway (>= 1.1.0)
    chunky_png (1.2.7)
    climate_control (0.0.3)
      activesupport (>= 3.0)
    cocaine (0.5.1)
      climate_control (>= 0.0.3, < 1.0)
    coffee-rails (3.2.2)
      coffee-script (>= 2.2.0)
      railties (~> 3.2.0)
    coffee-script (2.2.0)
      coffee-script-source
      execjs
    coffee-script-source (1.4.0)
    compass (0.12.2)
      chunky_png (~> 1.2)
      fssm (>= 0.2.7)
      sass (~> 3.1)
    compass-rails (1.0.3)
      compass (>= 0.12.2, < 0.14)
    deface (0.9.1)
      nokogiri (~> 1.5.0)
      rails (~> 3.1)
    devise (2.0.4)
      bcrypt-ruby (~> 3.0)
      orm_adapter (~> 0.0.3)
      railties (~> 3.1)
      warden (~> 1.1.1)
    erubis (2.7.0)
    execjs (1.4.0)
      multi_json (~> 1.0)
    ffaker (1.12.1)
    ffi (1.3.1)
    foreman (0.61.0)
      thor (>= 0.13.6)
    formtastic (2.2.1)
      actionpack (>= 3.0)
    fssm (0.2.9)
    haml (3.1.7)
    highline (1.6.11)
    hike (1.2.1)
    hominid (3.0.5)
    httparty (0.8.3)
      multi_json (~> 1.0)
      multi_xml
    i18n (0.6.1)
    journey (1.0.4)
    jquery-rails (2.2.0)
      railties (>= 3.0, < 5.0)
      thor (>= 0.14, < 2.0)
    json (1.7.6)
    kaminari (0.13.0)
      actionpack (>= 3.0.0)
      activesupport (>= 3.0.0)
      railties (>= 3.0.0)
    kgio (2.8.0)
    libv8 (3.11.8.13)
    mail (2.4.4)
      i18n (>= 0.4.0)
      mime-types (~> 1.16)
      treetop (~> 1.4.8)
    mime-types (1.19)
    money (5.0.0)
      i18n (~> 0.4)
      json
    multi_json (1.5.0)
    multi_xml (0.5.2)
    mysql2 (0.3.11)
    net-scp (1.0.4)
      net-ssh (>= 1.99.1)
    net-sftp (2.0.5)
      net-ssh (>= 2.0.9)
    net-ssh (2.6.3)
    net-ssh-gateway (1.1.0)
      net-ssh (>= 1.99.1)
    nokogiri (1.5.6)
    orm_adapter (0.0.7)
    paperclip (2.8.0)
      activerecord (>= 2.3.0)
      activesupport (>= 2.3.2)
      cocaine (>= 0.0.2)
      mime-types
    polyamorous (0.5.0)
      activerecord (~> 3.0)
    polyglot (0.3.3)
    rabl (0.7.2)
      activesupport (>= 2.3.14)
      multi_json (~> 1.0)
    rack (1.4.4)
    rack-cache (1.2)
      rack (>= 0.4)
    rack-ssl (1.3.2)
      rack
    rack-test (0.6.2)
      rack (>= 1.0)
    rails (3.2.11)
      actionmailer (= 3.2.11)
      actionpack (= 3.2.11)
      activerecord (= 3.2.11)
      activeresource (= 3.2.11)
      activesupport (= 3.2.11)
      bundler (~> 1.0)
      railties (= 3.2.11)
    railties (3.2.11)
      actionpack (= 3.2.11)
      activesupport (= 3.2.11)
      rack-ssl (~> 1.3.2)
      rake (>= 0.8.7)
      rdoc (~> 3.4)
      thor (>= 0.14.6, < 2.0)
    raindrops (0.10.0)
    rake (10.0.3)
    ransack (0.7.2)
      actionpack (~> 3.0)
      activerecord (~> 3.0)
      polyamorous (~> 0.5.0)
    rdiscount (1.6.8)
    rdoc (3.12)
      json (~> 1.4)
    ref (1.0.2)
    sass (3.2.5)
    sass-rails (3.2.6)
      railties (~> 3.2.0)
      sass (>= 3.1.10)
      tilt (~> 1.3)
    select2-rails (3.2.1)
      thor (~> 0.14)
    spree (1.3.1)
      spree_api (= 1.3.1)
      spree_cmd (= 1.3.1)
      spree_core (= 1.3.1)
      spree_dash (= 1.3.1)
      spree_promo (= 1.3.1)
      spree_sample (= 1.3.1)
    spree_api (1.3.1)
      spree_core (= 1.3.1)
      versioncake (= 0.4.0)
    spree_cmd (1.3.1)
      thor (>= 0.14.6)
    spree_core (1.3.1)
      activemerchant (~> 1.29.3)
      acts_as_list (= 0.1.4)
      awesome_nested_set (= 2.1.5)
      aws-sdk (~> 1.3.4)
      cancan (= 1.6.8)
      deface (>= 0.9.0)
      ffaker (~> 1.12.0)
      highline (= 1.6.11)
      jquery-rails (~> 2.0)
      kaminari (= 0.13.0)
      money (= 5.0.0)
      paperclip (~> 2.8)
      rabl (= 0.7.2)
      rails (~> 3.2.10)
      ransack (~> 0.7.2)
      select2-rails (~> 3.2)
      state_machine (= 1.1.2)
      stringex (~> 1.3.2)
    spree_dash (1.3.1)
      httparty (~> 0.8.1)
      spree_core (= 1.3.1)
    spree_promo (1.3.1)
      spree_core (= 1.3.1)
    spree_sample (1.3.1)
      spree_core (= 1.3.1)
    sprockets (2.2.2)
      hike (~> 1.2)
      multi_json (~> 1.0)
      rack (~> 1.0)
      tilt (~> 1.1, != 1.3.0)
    state_machine (1.1.2)
    stringex (1.3.3)
    therubyracer (0.11.3)
      libv8 (~> 3.11.8.12)
      ref
    thor (0.16.0)
    tilt (1.3.3)
    tinymce-rails (3.5.8)
      railties (>= 3.1.1)
    treetop (1.4.12)
      polyglot
      polyglot (>= 0.3.1)
    tzinfo (0.3.35)
    uglifier (1.3.0)
      execjs (>= 0.3.0)
      multi_json (~> 1.0, >= 1.0.2)
    unicorn (4.5.0)
      kgio (~> 2.6)
      rack
      raindrops (~> 0.7)
    uuidtools (2.1.3)
    versioncake (0.4.0)
      actionpack (>= 3.0)
      activesupport (>= 3.0)
      railties (>= 3.0)
    warden (1.1.1)
      rack (>= 1.0)

PLATFORMS
  ruby

DEPENDENCIES
  capistrano
  coffee-rails (~> 3.2.1)
  compass-rails
  ffi
  foreman
  haml
  jquery-rails
  mysql2
  rails (= 3.2.11)
  sass-rails (~> 3.2.1)
  spree (= 1.3.1)
  spree_auth_devise!
  spree_clean!
  spree_dynamic_sitemaps!
  spree_editor!
  spree_essential_cms!
  spree_essential_menus!
  spree_essentials!
  spree_fancy!
  spree_faq!
  spree_mail_chimp!
  spree_paypal_express!
  spree_recently_viewed!
  spree_related_products!
  spree_snippets!
  spree_social_products!
  therubyracer
  tinymce-rails (>= 3.4.7.0.1)
  uglifier (>= 1.0.3)
  unicorn
